GEM
  remote: https://rubygems.org/
  specs:
    rack (2.2.6.4)

PLATFORMS
  ruby

DEPENDENCIES
  rack (~> 2.2)

BUNDLED WITH
   2.1.4
